GEM
  remote: http://rubygems.org/
  specs:
    coderay (1.1.2)
    domain_name (0.5.20180417)
      unf (>= 0.0.5, < 1.0.0)
    faraday (0.15.4)
      multipart-post (>= 1.2, < 3)
    faraday_middleware (0.13.1)
      faraday (>= 0.7.4, < 1.0)
    http-cookie (1.0.3)
      domain_name (~> 0.5)
    indextank (1.0.13)
      faraday_middleware (>= 0.9.0)
      yajl-ruby (>= 0.7.7)
    json (2.2.0)
    mime-types (3.2.2)
      mime-types-data (~> 3.2015)
    mime-types-data (3.2019.0331)
    mini_portile2 (2.4.0)
    multipart-post (2.1.1)
    mustermann (1.0.3)
    netrc (0.11.0)
    nokogiri (1.10.3)
      mini_portile2 (~> 2.4.0)
    pdfkit (0.8.4.1)
    rack (2.0.7)
    rack-codehighlighter (0.6.0)
      nokogiri (>= 1.4.1)
      rack (>= 2.0.0)
    rack-protection (2.0.5)
      rack
    rack-rewrite (1.5.1)
    rake (12.3.2)
    rdiscount (2.2.0.1)
    rest-client (2.0.2)
      http-cookie (>= 1.0.2, < 2.0)
      mime-types (>= 1.16, < 4.0)
      netrc (~> 0.8)
    shotgun (0.9.2)
      rack (>= 1.0)
    sinatra (2.0.5)
      mustermann (~> 1.0)
      rack (~> 2.0)
      rack-protection (= 2.0.5)
      tilt (~> 2.0)
    tilt (2.0.9)
    unf (0.1.4)
      unf_ext
    unf_ext (0.0.7.6)
    xml-simple (1.1.5)
    yajl-ruby (1.4.1)

PLATFORMS
  ruby

DEPENDENCIES
  coderay
  indextank
  json
  nokogiri
  pdfkit
  rack
  rack-codehighlighter
  rack-rewrite
  rake
  rdiscount
  rest-client
  shotgun
  sinatra
  xml-simple

RUBY VERSION
   ruby 2.6.1p33

BUNDLED WITH
   1.17.3
